

GROUP CSharp
STORAGE: NONE
RESTRICTION: == net6.0
NUGET
  remote: https://api.nuget.org/v3/index.json
    Microsoft.CSharp (4.7)

GROUP CSharpTest
STORAGE: NONE
RESTRICTION: == net6.0
NUGET
  remote: https://api.nuget.org/v3/index.json
    coverlet.collector (3.1.2)
    Microsoft.CodeCoverage (17.2)
    Microsoft.CSharp (4.7)
    Microsoft.NET.Test.Sdk (17.2)
      Microsoft.CodeCoverage (>= 17.2)
      Microsoft.TestPlatform.TestHost (>= 17.2)
    Microsoft.NETCore.Platforms (6.0.4)
    Microsoft.TestPlatform.ObjectModel (17.2)
      NuGet.Frameworks (>= 5.11)
      System.Reflection.Metadata (>= 1.6)
    Microsoft.TestPlatform.TestHost (17.2)
      Microsoft.TestPlatform.ObjectModel (>= 17.2)
      Newtonsoft.Json (>= 9.0.1)
    NETStandard.Library (2.0.3)
      Microsoft.NETCore.Platforms (>= 1.1)
    Newtonsoft.Json (13.0.1)
    NuGet.Frameworks (6.2.1)
    System.Collections.Immutable (6.0)
      System.Runtime.CompilerServices.Unsafe (>= 6.0)
    System.Reflection.Metadata (6.0.1)
      System.Collections.Immutable (>= 6.0)
    System.Runtime.CompilerServices.Unsafe (6.0)
    xunit (2.4.1)
      xunit.analyzers (>= 0.10)
      xunit.assert (2.4.1)
      xunit.core (2.4.1)
    xunit.abstractions (2.0.3)
    xunit.analyzers (0.10)
    xunit.assert (2.4.1)
      NETStandard.Library (>= 1.6.1)
    xunit.core (2.4.1)
      xunit.extensibility.core (2.4.1)
      xunit.extensibility.execution (2.4.1)
    xunit.extensibility.core (2.4.1)
      NETStandard.Library (>= 1.6.1)
      xunit.abstractions (>= 2.0.3)
    xunit.extensibility.execution (2.4.1)
      NETStandard.Library (>= 1.6.1)
      xunit.extensibility.core (2.4.1)
    xunit.runner.visualstudio (2.4.5)

GROUP FSharp
STORAGE: NONE
RESTRICTION: == net6.0
NUGET
  remote: https://api.nuget.org/v3/index.json
    FSharp.Core (6.0.5)

GROUP FSharpTest
STORAGE: NONE
RESTRICTION: == net6.0
NUGET
  remote: https://api.nuget.org/v3/index.json
    Expecto (9.0.4)
      FSharp.Core (>= 4.6)
      Mono.Cecil (>= 0.11.3)
    FSharp.Core (6.0.5)
    Microsoft.CodeCoverage (17.2)
    Microsoft.NET.Test.Sdk (17.2)
      Microsoft.CodeCoverage (>= 17.2)
      Microsoft.TestPlatform.TestHost (>= 17.2)
    Microsoft.TestPlatform.ObjectModel (17.2)
      NuGet.Frameworks (>= 5.11)
      System.Reflection.Metadata (>= 1.6)
    Microsoft.TestPlatform.TestHost (17.2)
      Microsoft.TestPlatform.ObjectModel (>= 17.2)
      Newtonsoft.Json (>= 9.0.1)
    Mono.Cecil (0.11.4)
    Newtonsoft.Json (13.0.1)
    NuGet.Frameworks (6.2.1)
    System.Collections.Immutable (6.0)
      System.Runtime.CompilerServices.Unsafe (>= 6.0)
    System.Reflection.Metadata (6.0.1)
      System.Collections.Immutable (>= 6.0)
    System.Runtime.CompilerServices.Unsafe (6.0)
    YoloDev.Expecto.TestSdk (0.13.3)
      Expecto (>= 9.0 < 10.0)
      FSharp.Core (>= 4.6.2)
      System.Collections.Immutable (>= 6.0)
